GEM
  remote: https://rubygems.org/
  specs:
    coderay (1.1.1)
    method_source (0.8.2)
    pry (0.10.4)
      coderay (~> 1.1.0)
      method_source (~> 0.8.1)
      slop (~> 3.4)
    slop (3.6.0)
    sqlite3 (1.3.13)

PLATFORMS
  ruby

DEPENDENCIES
  pry
  sqlite3

BUNDLED WITH
<<<<<<< HEAD
   1.14.6
=======
   1.10.6
>>>>>>> 1d964718fddb0da977f90f89bae3228ce734e8e4
